GEM
  remote: https://rubygems.org/
  specs:
    ffi (1.15.4)
    rbnacl (7.1.1)
      ffi

PLATFORMS
  x86_64-linux

DEPENDENCIES
  rbnacl

BUNDLED WITH
   2.2.22
